GEM
  remote: http://rubygems.org/
  specs:
    SystemTimer (1.2.3)
    bson (1.3.1)
    bson_ext (1.3.1)
    gsl (1.14.7)
      narray (>= 0.5.9)
    kyototycoon (0.5.4)
    mongo (1.3.1)
      bson (>= 1.3.1)
    narray (0.5.9.9)
    ruby-tokyotyrant (0.5.1)
    uuidtools (1.0.7)

PLATFORMS
  ruby

DEPENDENCIES
  SystemTimer
  bson_ext
  gsl
  kyototycoon
  mongo
  ruby-tokyotyrant
  uuidtools
