GEM
  remote: http://rubygems.org/
  specs:
    bson (1.3.1)
    bson_ext (1.3.1)
    cassandra (0.12.1)
      json
      rake
      simple_uuid (>= 0.2.0)
      thrift_client (>= 0.7.0)
    gsl (1.14.7)
      narray (>= 0.5.9)
    json (1.6.3)
    mongo (1.3.1)
      bson (>= 1.3.1)
    narray (0.5.9.9)
    rake (0.9.2.2)
    redis (2.2.1)
    ruby-tokyotyrant (0.5.1)
    simple_uuid (0.2.0)
    thrift (0.7.0)
    thrift_client (0.7.1)
      thrift (~> 0.7.0)
    uuidtools (1.0.7)

PLATFORMS
  ruby

DEPENDENCIES
  bson_ext
  cassandra
  gsl
  mongo
  redis
  ruby-tokyotyrant
  uuidtools
